GEM
  remote: https://rubygems.org/
  specs:
    charlock_holmes_bundle_icu (0.6.9.2)
    mime-types (2.2)
    patron (0.4.18)

PLATFORMS
  ruby

DEPENDENCIES
  charlock_holmes_bundle_icu (~> 0.6.9.2)
  mime-types
  patron
